GEM
  remote: http://rubygems.org/
  specs:
    actionmailer (3.2.2)
      actionpack (= 3.2.2)
      mail (~> 2.4.0)
    actionpack (3.2.2)
      activemodel (= 3.2.2)
      activesupport (= 3.2.2)
      builder (~> 3.0.0)
      erubis (~> 2.7.0)
      journey (~> 1.0.1)
      rack (~> 1.4.0)
      rack-cache (~> 1.1)
      rack-test (~> 0.6.1)
      sprockets (~> 2.1.2)
    activemodel (3.2.2)
      activesupport (= 3.2.2)
      builder (~> 3.0.0)
    activerecord (3.2.2)
      activemodel (= 3.2.2)
      activesupport (= 3.2.2)
      arel (~> 3.0.2)
      tzinfo (~> 0.3.29)
    activerecord-import (0.2.9)
      activerecord (~> 3.0)
      activerecord (~> 3.0)
    activeresource (3.2.2)
      activemodel (= 3.2.2)
      activesupport (= 3.2.2)
    activesupport (3.2.2)
      i18n (~> 0.6)
      multi_json (~> 1.0)
    amq-client (0.9.2)
      amq-protocol (>= 0.9.0)
      eventmachine
    amq-protocol (0.9.0)
    amqp (0.9.4)
      amq-client (~> 0.9.2)
      amq-protocol (>= 0.9.0)
      eventmachine
    arel (3.0.2)
    asset_sync (0.2.10)
      activemodel
      fog
    builder (3.0.0)
    capybara (1.1.2)
      mime-types (>= 1.16)
      nokogiri (>= 1.3.3)
      rack (>= 1.0.0)
      rack-test (>= 0.5.4)
      selenium-webdriver (~> 2.0)
      xpath (~> 0.1.4)
    childprocess (0.3.1)
      ffi (~> 1.0.6)
    coffee-rails (3.2.2)
      coffee-script (>= 2.2.0)
      railties (~> 3.2.0)
    coffee-script (2.2.0)
      coffee-script-source
      execjs
    coffee-script-source (1.2.0)
    cucumber (1.1.9)
      builder (>= 2.1.2)
      diff-lcs (>= 1.1.2)
      gherkin (~> 2.9.0)
      json (>= 1.4.6)
      term-ansicolor (>= 1.0.6)
    cucumber-rails (1.3.0)
      capybara (>= 1.1.2)
      cucumber (>= 1.1.8)
      nokogiri (>= 1.5.0)
    database_cleaner (0.7.1)
    diff-lcs (1.1.3)
    erubis (2.7.0)
    eventmachine (0.12.10)
    excon (0.6.6)
    execjs (1.3.0)
      multi_json (~> 1.0)
    fastercsv (1.5.4)
    ffi (1.0.11)
    fog (0.9.0)
      builder
      excon (~> 0.6.1)
      formatador (>= 0.1.3)
      json
      mime-types
      net-scp (>= 1.0.4)
      net-ssh (>= 2.1.4)
      nokogiri (>= 1.4.4)
      ruby-hmac
    formatador (0.2.1)
    gherkin (2.9.0)
      json (>= 1.4.6)
    guard (1.0.0)
      ffi (>= 0.5.0)
      thor (~> 0.14.6)
    guard-rspec (0.6.0)
      guard (>= 0.10.0)
    hike (1.2.1)
    i18n (0.6.0)
    journey (1.0.3)
    jquery-rails (2.0.1)
      railties (>= 3.2.0, < 5.0)
      thor (~> 0.14)
    json (1.6.5)
    libnotify (0.7.2)
      ffi (~> 1.0.0)
    libv8 (3.3.10.4)
    macaddr (1.5.0)
      systemu (>= 2.4.0)
    mail (2.4.1)
      i18n (>= 0.4.0)
      mime-types (~> 1.16)
      treetop (~> 1.4.8)
    mime-types (1.17.2)
    multi_json (1.1.0)
    net-scp (1.0.4)
      net-ssh (>= 1.99.1)
    net-ssh (2.3.0)
    nokogiri (1.5.0)
    pg (0.13.2)
    polyglot (0.3.3)
    rack (1.4.1)
    rack-cache (1.1)
      rack (>= 0.4)
    rack-ssl (1.3.2)
      rack
    rack-test (0.6.1)
      rack (>= 1.0)
    rails (3.2.2)
      actionmailer (= 3.2.2)
      actionpack (= 3.2.2)
      activerecord (= 3.2.2)
      activeresource (= 3.2.2)
      activesupport (= 3.2.2)
      bundler (~> 1.0)
      railties (= 3.2.2)
    railties (3.2.2)
      actionpack (= 3.2.2)
      activesupport (= 3.2.2)
      rack-ssl (~> 1.3.2)
      rake (>= 0.8.7)
      rdoc (~> 3.4)
      thor (~> 0.14.6)
    rake (0.9.2.2)
    rb-inotify (0.8.8)
      ffi (>= 0.5.0)
    rdoc (3.12)
      json (~> 1.4)
    redis (2.2.2)
    rspec (2.8.0)
      rspec-core (~> 2.8.0)
      rspec-expectations (~> 2.8.0)
      rspec-mocks (~> 2.8.0)
    rspec-core (2.8.0)
    rspec-expectations (2.8.0)
      diff-lcs (~> 1.1.2)
    rspec-mocks (2.8.0)
    rspec-rails (2.8.1)
      actionpack (>= 3.0)
      activesupport (>= 3.0)
      railties (>= 3.0)
      rspec (~> 2.8.0)
    ruby-hmac (0.4.0)
    ruby-progressbar (0.0.10)
    rubyzip (0.9.6.1)
    sass (3.1.15)
    sass-rails (3.2.4)
      railties (~> 3.2.0)
      sass (>= 3.1.10)
      tilt (~> 1.3)
    selenium-webdriver (2.20.0)
      childprocess (>= 0.2.5)
      ffi (~> 1.0)
      multi_json (~> 1.0)
      rubyzip
    sprockets (2.1.2)
      hike (~> 1.2)
      rack (~> 1.0)
      tilt (~> 1.1, != 1.3.0)
    systemu (2.4.2)
    term-ansicolor (1.0.7)
    therubyracer (0.9.10)
      libv8 (~> 3.3.10)
    thor (0.14.6)
    tilt (1.3.3)
    treetop (1.4.10)
      polyglot
      polyglot (>= 0.3.1)
    tzinfo (0.3.31)
    uglifier (1.2.3)
      execjs (>= 0.3.0)
      multi_json (>= 1.0.2)
    uuid (2.3.5)
      macaddr (~> 1.0)
    watu_table_builder (0.3.0)
    xpath (0.1.4)
      nokogiri (~> 1.3)

PLATFORMS
  ruby

DEPENDENCIES
  activerecord-import (>= 0.2.9)
  amqp (>= 0.8.3)
  asset_sync
  coffee-rails (~> 3.2.1)
  cucumber-rails
  database_cleaner
  execjs
  fastercsv
  guard-rspec (>= 0.5.7)
  jquery-rails
  json
  libnotify
  nokogiri (>= 1.5.0)
  pg (>= 0.11.0)
  rails (= 3.2.2)
  rake (= 0.9.2.2)
  rb-inotify
  redis (>= 2.2.2)
  rspec-rails (>= 2.7.0)
  ruby-progressbar (>= 0.0.10)
  sass-rails (~> 3.2.3)
  therubyracer
  uglifier (>= 1.0.3)
  uuid (>= 2.3.4)
  watu_table_builder
